GEM
  remote: https://rubygems.org/
  specs:
    backports (3.3.5)
    commonjs (0.2.7)
    font-awesome-less (4.6.2)
      less (>= 2.4.0)
    httparty (0.13.7)
      json (~> 1.8)
      multi_xml (>= 0.5.2)
    json (1.8.3)
    less (2.6.0)
      commonjs (~> 0.2.7)
    multi_json (1.7.6)
    multi_xml (0.5.5)
    puma (2.0.1)
      rack (>= 1.1, < 2.0)
    rack (1.5.2)
    rack-protection (1.5.0)
      rack
    rack-test (0.6.2)
      rack (>= 1.0)
    sass (3.2.9)
    sinatra (1.4.3)
      rack (~> 1.4)
      rack-protection (~> 1.4)
      tilt (~> 1.3, >= 1.3.4)
    sinatra-contrib (1.4.1)
      backports (>= 2.0)
      multi_json
      rack-protection
      rack-test
      sinatra (~> 1.4.0)
      tilt (~> 1.3)
    sinatra-reloader (1.0)
      sinatra-contrib
    tilt (1.4.1)

PLATFORMS
  ruby

DEPENDENCIES
  font-awesome-less
  httparty
  puma
  sass
  sinatra
  sinatra-reloader
